GEM
  remote: https://rubygems.org/
  specs:
    net-http (0.1.1)
      net-protocol
      uri
    net-protocol (0.1.0)
    slack-notifier (2.3.2)
    uri (0.10.1)

PLATFORMS
  ruby

DEPENDENCIES
  net-http
  slack-notifier

BUNDLED WITH
   2.1.4
